GEM
  remote: https://rubygems.org/
  specs:
    bcrypt (3.1.13)
    bson (4.8.2)
    bson_ext (1.5.1)
    haml (5.1.2)
      temple (>= 0.8.0)
      tilt
    mongo (2.12.1)
      bson (>= 4.8.2, < 5.0.0)
    multi_json (1.15.0)
    mustermann (1.1.1)
      ruby2_keywords (~> 0.0.1)
    nio4r (2.5.2)
    puma (4.3.5)
      nio4r (~> 2.0)
    rack (2.2.3)
    rack-protection (2.2.0)
      rack
    ruby2_keywords (0.0.5)
    sinatra (2.2.0)
      mustermann (~> 1.0)
      rack (~> 2.2)
      rack-protection (= 2.2.0)
      tilt (~> 2.0)
    sinatra-contrib (2.2.0)
      multi_json
      mustermann (~> 1.0)
      rack-protection (= 2.2.0)
      sinatra (= 2.2.0)
      tilt (~> 2.0)
    temple (0.8.2)
    tilt (2.0.10)

PLATFORMS
  ruby

DEPENDENCIES
  bcrypt
  bson_ext
  haml
  mongo
  puma
  sinatra
  sinatra-contrib

BUNDLED WITH
   2.1.4
